PATH
  remote: .
  specs:
    awesome-bootstrap-checkbox-rails (0.3.7)

GEM
  remote: https://rubygems.org/
  specs:
    rake (10.5.0)

PLATFORMS
  ruby

DEPENDENCIES
  awesome-bootstrap-checkbox-rails!
  bundler (~> 1.16)
  rake (~> 10.0)

BUNDLED WITH
   1.16.5
